GEM
  remote: http://rubygems.org/
  specs:
    activesupport (3.1.3)
      multi_json (~> 1.0)
    diff-lcs (1.1.3)
    git (1.2.5)
    i18n (0.6.0)
    jeweler (1.6.4)
      bundler (~> 1.0)
      git (>= 1.2.5)
      rake
    json (1.6.4)
    multi_json (1.0.4)
    rake (0.9.2.2)
    rcov (0.9.11)
    rdoc (3.12)
      json (~> 1.4)
    rspec (2.8.0)
      rspec-core (~> 2.8.0)
      rspec-expectations (~> 2.8.0)
      rspec-mocks (~> 2.8.0)
    rspec-core (2.8.0)
    rspec-expectations (2.8.0)
      diff-lcs (~> 1.1.2)
    rspec-mocks (2.8.0)
    sqlite3 (1.3.5)

PLATFORMS
  ruby

DEPENDENCIES
  activesupport (>= 3.1.0)
  bundler (~> 1.0.21)
  i18n (>= 0.6.0)
  jeweler (~> 1.6.4)
  rcov
  rdoc (>= 3.9.4)
  rspec (~> 2.8.0)
  sqlite3 (>= 1.3.5)
