GEM
  remote: http://rubygems.org/
  specs:
    activesupport (3.0.1)
    diff-lcs (1.1.2)
    git (1.2.5)
    jeweler (1.5.0.pre5)
      bundler (~> 1.0.0)
      git (>= 1.2.5)
      rake
    rake (0.8.7)
    rcov (0.9.9)
    rspec (2.0.0)
      rspec-core (= 2.0.0)
      rspec-expectations (= 2.0.0)
      rspec-mocks (= 2.0.0)
    rspec-core (2.0.0)
    rspec-expectations (2.0.0)
      diff-lcs (>= 1.1.2)
    rspec-mocks (2.0.0)
      rspec-core (= 2.0.0)
      rspec-expectations (= 2.0.0)
    sqlite3-ruby (1.3.1)

PLATFORMS
  ruby

DEPENDENCIES
  activesupport (>= 3.0.0)
  bundler (~> 1.0.0)
  jeweler (~> 1.5.0.pre5)
  rcov
  rspec (~> 2.0.0)
  sqlite3-ruby (>= 1.3.1)
